GEM
  remote: https://rubygems.org/
  specs:
    aasm (4.5.0)
    actionmailer (4.2.5)
      actionpack (= 4.2.5)
      actionview (= 4.2.5)
      activejob (= 4.2.5)
      mail (~> 2.5, >= 2.5.4)
      rails-dom-testing (~> 1.0, >= 1.0.5)
    actionpack (4.2.5)
      actionview (= 4.2.5)
      activesupport (= 4.2.5)
      rack (~> 1.6)
      rack-test (~> 0.6.2)
      rails-dom-testing (~> 1.0, >= 1.0.5)
      rails-html-sanitizer (~> 1.0, >= 1.0.2)
    actionview (4.2.5)
      activesupport (= 4.2.5)
      builder (~> 3.1)
      erubis (~> 2.7.0)
      rails-dom-testing (~> 1.0, >= 1.0.5)
      rails-html-sanitizer (~> 1.0, >= 1.0.2)
    activejob (4.2.5)
      activesupport (= 4.2.5)
      globalid (>= 0.3.0)
    activemodel (4.2.5)
      activesupport (= 4.2.5)
      builder (~> 3.1)
    activerecord (4.2.5)
      activemodel (= 4.2.5)
      activesupport (= 4.2.5)
      arel (~> 6.0)
    activesupport (4.2.5)
      i18n (~> 0.7)
      json (~> 1.7, >= 1.7.7)
      minitest (~> 5.1)
      thread_safe (~> 0.3, >= 0.3.4)
      tzinfo (~> 1.1)
    addressable (2.3.8)
    annotate (2.6.10)
      activerecord (>= 3.2, <= 4.3)
      rake (~> 10.4)
    arel (6.0.3)
    bcrypt (3.1.10)
    binding_of_caller (0.7.2)
      debug_inspector (>= 0.0.1)
    bower-rails (0.10.0)
    brakeman (3.1.2)
      erubis (~> 2.6)
      fastercsv (~> 1.5)
      haml (>= 3.0, < 5.0)
      highline (~> 1.6)
      multi_json (~> 1.2)
      ruby2ruby (>= 2.1.1, < 2.3.0)
      ruby_parser (~> 3.7.0)
      safe_yaml
      sass (~> 3.0)
      slim (>= 1.3.6, < 4.0)
      terminal-table (~> 1.4)
    builder (3.2.2)
    byebug (8.2.1)
    callsite (0.0.11)
    capistrano (3.4.0)
      i18n
      rake (>= 10.0.0)
      sshkit (~> 1.3)
    capistrano-bundler (1.1.4)
      capistrano (~> 3.1)
      sshkit (~> 1.2)
    capistrano-rails (1.1.5)
      capistrano (~> 3.1)
      capistrano-bundler (~> 1.1)
    capistrano-rbenv (2.0.3)
      capistrano (~> 3.1)
      sshkit (~> 1.3)
    capistrano3-puma (1.2.1)
      capistrano (~> 3.0)
      puma (>= 2.6)
    choice (0.2.0)
    code_analyzer (0.4.5)
      sexp_processor
    coderay (1.1.0)
    coffee-rails (4.1.0)
      coffee-script (>= 2.2.0)
      railties (>= 4.0.0, < 5.0)
    coffee-script (2.4.1)
      coffee-script-source
      execjs
    coffee-script-source (1.10.0)
    colored (1.2)
    colorize (0.7.7)
    database_cleaner (1.5.1)
    debug_inspector (0.0.2)
    devise (3.5.2)
      bcrypt (~> 3.0)
      orm_adapter (~> 0.1)
      railties (>= 3.2.6, < 5)
      responders
      thread_safe (~> 0.1)
      warden (~> 1.2.3)
    devise-i18n (0.12.1)
    diff-lcs (1.2.5)
    dotenv (2.0.2)
    dotenv-rails (2.0.2)
      dotenv (= 2.0.2)
      railties (~> 4.0)
    em-websocket (0.5.1)
      eventmachine (>= 0.12.9)
      http_parser.rb (~> 0.6.0)
    enumerize (1.1.0)
      activesupport (>= 3.2)
    erubis (2.7.0)
    eventmachine (1.0.8)
    execjs (2.6.0)
    factory_girl (4.5.0)
      activesupport (>= 3.0.0)
    factory_girl_rails (4.5.0)
      factory_girl (~> 4.5.0)
      railties (>= 3.0.0)
    fastercsv (1.5.5)
    ffi (1.9.10)
    foreman (0.78.0)
      thor (~> 0.19.1)
    formatador (0.2.5)
    git-version-bump (0.15.1)
    globalid (0.3.6)
      activesupport (>= 4.1.0)
    guard (2.13.0)
      formatador (>= 0.2.4)
      listen (>= 2.7, <= 4.0)
      lumberjack (~> 1.0)
      nenv (~> 0.1)
      notiffany (~> 0.0)
      pry (>= 0.9.12)
      shellany (~> 0.0)
      thor (>= 0.18.1)
    guard-bundler (2.1.0)
      bundler (~> 1.0)
      guard (~> 2.2)
      guard-compat (~> 1.1)
    guard-compat (1.2.1)
    guard-livereload (2.5.1)
      em-websocket (~> 0.5)
      guard (~> 2.8)
      guard-compat (~> 1.0)
      multi_json (~> 1.8)
    guard-migrate (1.2.1)
      activerecord (>= 4.1.0)
      guard (~> 2.3)
      guard-compat (~> 1.1)
    guard-rspec (4.6.4)
      guard (~> 2.1)
      guard-compat (~> 1.1)
      rspec (>= 2.99.0, < 4.0)
    haml (4.0.7)
      tilt
    highline (1.7.8)
    http_parser.rb (0.6.0)
    i18n (0.7.0)
    jbuilder (2.3.2)
      activesupport (>= 3.0.0, < 5)
      multi_json (~> 1.2)
    jquery-rails (4.0.5)
      rails-dom-testing (~> 1.0)
      railties (>= 4.2.0)
      thor (>= 0.14, < 2.0)
    json (1.8.3)
    kaminari (0.16.3)
      actionpack (>= 3.0.0)
      activesupport (>= 3.0.0)
    launchy (2.4.3)
      addressable (~> 2.3)
    letter_opener (1.4.1)
      launchy (~> 2.2)
    listen (3.0.5)
      rb-fsevent (>= 0.9.3)
      rb-inotify (>= 0.9)
    loofah (2.0.3)
      nokogiri (>= 1.5.9)
    lumberjack (1.0.9)
    mail (2.6.3)
      mime-types (>= 1.16, < 3)
    meta_request (0.3.4)
      callsite (~> 0.0, >= 0.0.11)
      rack-contrib (~> 1.1)
      railties (>= 3.0.0, < 5.0.0)
    method_source (0.8.2)
    mime-types (2.99)
    mini_portile2 (2.0.0.rc2)
    minitest (5.8.3)
    multi_json (1.11.2)
    nenv (0.2.0)
    net-scp (1.2.1)
      net-ssh (>= 2.6.5)
    net-ssh (3.0.1)
    nokogiri (1.6.7)
      mini_portile2 (~> 2.0.0.rc2)
    notiffany (0.0.8)
      nenv (~> 0.1)
      shellany (~> 0.0)
    orm_adapter (0.5.0)
    paranoia (2.1.4)
      activerecord (~> 4.0)
    pg (0.18.4)
    pry (0.10.3)
      coderay (~> 1.1.0)
      method_source (~> 0.8.1)
      slop (~> 3.4)
    pry-rails (0.3.4)
      pry (>= 0.9.10)
    puma (2.15.3)
    quiet_assets (1.1.0)
      railties (>= 3.1, < 5.0)
    rack (1.6.4)
    rack-contrib (1.4.0)
      git-version-bump (~> 0.15)
      rack (~> 1.4)
    rack-livereload (0.3.16)
      rack
    rack-test (0.6.3)
      rack (>= 1.0)
    rails (4.2.5)
      actionmailer (= 4.2.5)
      actionpack (= 4.2.5)
      actionview (= 4.2.5)
      activejob (= 4.2.5)
      activemodel (= 4.2.5)
      activerecord (= 4.2.5)
      activesupport (= 4.2.5)
      bundler (>= 1.3.0, < 2.0)
      railties (= 4.2.5)
      sprockets-rails
    rails-deprecated_sanitizer (1.0.3)
      activesupport (>= 4.2.0.alpha)
    rails-dom-testing (1.0.7)
      activesupport (>= 4.2.0.beta, < 5.0)
      nokogiri (~> 1.6.0)
      rails-deprecated_sanitizer (>= 1.0.1)
    rails-erd (1.4.4)
      activerecord (>= 3.2)
      activesupport (>= 3.2)
      choice (~> 0.2.0)
      ruby-graphviz (~> 1.2)
    rails-html-sanitizer (1.0.2)
      loofah (~> 2.0)
    rails-i18n (4.0.7)
      i18n (~> 0.7)
      railties (~> 4.0)
    rails_best_practices (1.15.7)
      activesupport
      code_analyzer (>= 0.4.3)
      colored
      erubis
      i18n
      json
      require_all
      ruby-progressbar
    railties (4.2.5)
      actionpack (= 4.2.5)
      activesupport (= 4.2.5)
      rake (>= 0.8.7)
      thor (>= 0.18.1, < 2.0)
    rake (10.4.2)
    rb-fsevent (0.9.6)
    rb-inotify (0.9.5)
      ffi (>= 0.5.0)
    rdoc (4.2.0)
    require_all (1.3.3)
    responders (2.1.0)
      railties (>= 4.2.0, < 5)
    rspec (3.4.0)
      rspec-core (~> 3.4.0)
      rspec-expectations (~> 3.4.0)
      rspec-mocks (~> 3.4.0)
    rspec-core (3.4.1)
      rspec-support (~> 3.4.0)
    rspec-expectations (3.4.0)
      diff-lcs (>= 1.2.0, < 2.0)
      rspec-support (~> 3.4.0)
    rspec-mocks (3.4.0)
      diff-lcs (>= 1.2.0, < 2.0)
      rspec-support (~> 3.4.0)
    rspec-rails (3.4.0)
      actionpack (>= 3.0, < 4.3)
      activesupport (>= 3.0, < 4.3)
      railties (>= 3.0, < 4.3)
      rspec-core (~> 3.4.0)
      rspec-expectations (~> 3.4.0)
      rspec-mocks (~> 3.4.0)
      rspec-support (~> 3.4.0)
    rspec-support (3.4.1)
    ruby-graphviz (1.2.2)
    ruby-progressbar (1.7.5)
    ruby2ruby (2.2.0)
      ruby_parser (~> 3.1)
      sexp_processor (~> 4.0)
    ruby_parser (3.7.2)
      sexp_processor (~> 4.1)
    safe_yaml (1.0.4)
    sass (3.4.19)
    sass-rails (5.0.4)
      railties (>= 4.0.0, < 5.0)
      sass (~> 3.1)
      sprockets (>= 2.8, < 4.0)
      sprockets-rails (>= 2.0, < 4.0)
      tilt (>= 1.1, < 3)
    sdoc (0.4.1)
      json (~> 1.7, >= 1.7.7)
      rdoc (~> 4.0)
    seedbank (0.3.0)
    sexp_processor (4.6.0)
    shellany (0.0.1)
    shoulda (3.5.0)
      shoulda-context (~> 1.0, >= 1.0.1)
      shoulda-matchers (>= 1.4.1, < 3.0)
    shoulda-context (1.2.1)
    shoulda-matchers (2.8.0)
      activesupport (>= 3.0.0)
    slim (3.0.6)
      temple (~> 0.7.3)
      tilt (>= 1.3.3, < 2.1)
    slim-rails (3.0.1)
      actionmailer (>= 3.1, < 5.0)
      actionpack (>= 3.1, < 5.0)
      activesupport (>= 3.1, < 5.0)
      railties (>= 3.1, < 5.0)
      slim (~> 3.0)
    slop (3.6.0)
    spring (1.4.4)
    sprockets (3.4.1)
      rack (> 1, < 3)
    sprockets-rails (2.3.3)
      actionpack (>= 3.0)
      activesupport (>= 3.0)
      sprockets (>= 2.8, < 4.0)
    sshkit (1.7.1)
      colorize (>= 0.7.0)
      net-scp (>= 1.1.2)
      net-ssh (>= 2.8.0)
    temple (0.7.6)
    terminal-table (1.5.2)
    thor (0.19.1)
    thread_safe (0.3.5)
    tilt (2.0.1)
    turbolinks (2.5.3)
      coffee-rails
    tzinfo (1.2.2)
      thread_safe (~> 0.1)
    uglifier (2.7.2)
      execjs (>= 0.3.0)
      json (>= 1.8.0)
    warden (1.2.3)
      rack (>= 1.0)
    web-console (2.2.1)
      activemodel (>= 4.0)
      binding_of_caller (>= 0.7.2)
      railties (>= 4.0)
      sprockets-rails (>= 2.0, < 4.0)

PLATFORMS
  ruby

DEPENDENCIES
  aasm
  annotate
  bower-rails
  brakeman
  byebug
  capistrano-rails
  capistrano-rbenv
  capistrano3-puma
  coffee-rails (~> 4.1.0)
  database_cleaner
  devise
  devise-i18n
  dotenv-rails
  enumerize
  factory_girl_rails
  foreman
  guard-bundler
  guard-livereload
  guard-migrate
  guard-rspec
  jbuilder (~> 2.0)
  jquery-rails
  kaminari
  letter_opener
  meta_request
  paranoia
  pg (~> 0.15)
  pry-rails
  puma
  quiet_assets
  rack-livereload
  rails (= 4.2.5)
  rails-erd
  rails-i18n
  rails_best_practices
  responders
  rspec-rails
  sass-rails (~> 5.0)
  sdoc (~> 0.4.0)
  seedbank
  shoulda
  slim-rails
  spring
  turbolinks
  uglifier (>= 1.3.0)
  web-console (~> 2.0)

BUNDLED WITH
   1.10.6
